PATH
  remote: .
  specs:
    practica6 (0.1.0)

GEM
  remote: https://rubygems.org/
  specs:
    ffi (1.11.2)
    rake (12.3.3)
    rb-fsevent (0.10.3)
    rb-inotify (0.10.0)
      ffi (~> 1.0)
    sass (3.7.4)
      sass-listen (~> 4.0.0)
    sass-listen (4.0.0)
      rb-fsevent (~> 0.9, >= 0.9.4)
      rb-inotify (~> 0.9, >= 0.9.7)
    true (1.0.1)
      sass (~> 3.4)

PLATFORMS
  ruby

DEPENDENCIES
  bundler (~> 2.0.2)
  practica6!
  rake (~> 12.3.3)
  true (~> 1.0.1)

BUNDLED WITH
   2.0.2
